GEM
  remote: https://rubygems.org/
  specs:
    actionmailer (4.0.1)
      actionpack (= 4.0.1)
      mail (~> 2.5.4)
    actionpack (4.0.1)
      activesupport (= 4.0.1)
      builder (~> 3.1.0)
      erubis (~> 2.7.0)
      rack (~> 1.5.2)
      rack-test (~> 0.6.2)
    active-fedora (6.7.7)
      activesupport (>= 3.0.0)
      deprecation
      mediashelf-loggable
      nom-xml (>= 0.5.1)
      om (~> 3.0.0)
      rdf (~> 1.1.1.1)
      rdf-rdfxml (= 1.0.1)
      rsolr
      rubydora (~> 1.7.4)
    activemodel (4.0.1)
      activesupport (= 4.0.1)
      builder (~> 3.1.0)
    activerecord (4.0.1)
      activemodel (= 4.0.1)
      activerecord-deprecated_finders (~> 1.0.2)
      activesupport (= 4.0.1)
      arel (~> 4.0.0)
    activerecord-deprecated_finders (1.0.3)
    activerecord-import (0.4.1)
      activerecord (>= 3.0)
    activesupport (4.0.1)
      i18n (~> 0.6, >= 0.6.4)
      minitest (~> 4.2)
      multi_json (~> 1.3)
      thread_safe (~> 0.1)
      tzinfo (~> 0.3.37)
    addressable (2.3.5)
    arel (4.0.2)
    atomic (1.1.15)
    bcrypt (3.1.7)
    bcrypt-ruby (3.1.5)
      bcrypt (>= 3.1.3)
    blacklight (4.7.0)
      bootstrap-sass (>= 2.2.0, < 2.4)
      deprecation (~> 0.1)
      kaminari (~> 0.13)
      marc (>= 0.4.3, < 1.1)
      nokogiri (~> 1.6)
      rails (>= 3.2.6, < 5)
      rsolr (~> 1.0.6)
      sass-rails
    block_helpers (0.3.3)
      activesupport (>= 2.0)
    bootstrap-sass (2.3.2.2)
      sass (~> 3.2)
    bootstrap_forms (4.0.1)
    builder (3.1.4)
    cancan (1.6.10)
    capybara (2.2.1)
      mime-types (>= 1.16)
      nokogiri (>= 1.3.3)
      rack (>= 1.0.0)
      rack-test (>= 0.5.4)
      xpath (~> 2.0)
    childprocess (0.5.1)
      ffi (~> 1.0, >= 1.0.11)
    chronic (0.10.2)
    coffee-rails (4.0.1)
      coffee-script (>= 2.2.0)
      railties (>= 4.0.0, < 5.0)
    coffee-script (2.2.0)
      coffee-script-source
      execjs
    coffee-script-source (1.7.0)
    curb (0.8.5)
    daemons (1.1.9)
    deprecation (0.1.0)
      activesupport
    devise (3.2.3)
      bcrypt-ruby (~> 3.0)
      orm_adapter (~> 0.1)
      railties (>= 3.2.6, < 5)
      thread_safe (~> 0.1)
      warden (~> 1.2.3)
    diff-lcs (1.2.5)
    disable_assets_logger (1.0.0)
    ensure_valid_encoding (0.5.3)
    equivalent-xml (0.4.0)
      nokogiri (>= 1.4.3)
    erubis (2.7.0)
    execjs (2.0.2)
    factory_girl (4.4.0)
      activesupport (>= 3.0.0)
    factory_girl_rails (4.4.1)
      factory_girl (~> 4.4.0)
      railties (>= 3.0.0)
    fastercsv (1.5.5)
    ffi (1.9.3)
    hike (1.2.3)
    hooks (0.3.3)
    hydra (6.2.0.rc1)
      active-fedora (~> 6.7.7)
      blacklight (~> 4.7.0)
      hydra-head (~> 6.5.0)
      jettywrapper (~> 1.5.0)
      nokogiri (~> 1.6.0)
      nom-xml (~> 0.5.1)
      om (~> 3.0.3)
      rails (>= 3.2.15, < 5.0)
      rsolr (~> 1.0.9)
      rubydora (~> 1.7.4)
      solrizer (~> 3.1.0)
    hydra-access-controls (6.5.0)
      active-fedora (~> 6.7)
      activesupport
      blacklight (~> 4.7)
      cancan
      deprecation
    hydra-core (6.5.0)
      active-fedora (~> 6.7)
      blacklight (~> 4.7)
      block_helpers
      deprecation (>= 0.0.5)
      hydra-access-controls (= 6.5.0)
      jettywrapper (>= 1.4.1)
      rails (>= 3.2.3, < 5)
    hydra-editor (0.1.0)
      active-fedora (>= 6.3.0)
      bootstrap_forms
      rails (>= 3.2.13, < 5.0)
    hydra-head (6.5.0)
      hydra-access-controls (= 6.5.0)
      hydra-core (= 6.5.0)
      rails (>= 3.2.6)
    hydra-role-management (0.1.0)
      bootstrap_forms
      cancan
    i18n (0.6.9)
    jettywrapper (1.5.2)
      activesupport (>= 3.0.0)
      childprocess
      i18n
      logger
      mediashelf-loggable
    jquery-fileupload-rails (0.4.1)
      actionpack (>= 3.1)
      railties (>= 3.1)
    jquery-rails (3.1.0)
      railties (>= 3.0, < 5.0)
      thor (>= 0.14, < 2.0)
    json (1.8.1)
    kaminari (0.15.1)
      actionpack (>= 3.0.0)
      activesupport (>= 3.0.0)
    kgio (2.9.2)
    launchy (2.4.2)
      addressable (~> 2.3)
    libv8 (3.16.14.3)
    logger (1.2.8)
    mail (2.5.4)
      mime-types (~> 1.16)
      treetop (~> 1.4.8)
    marc (0.8.1)
      ensure_valid_encoding
      unf
    mediashelf-loggable (0.4.9)
    mime-types (1.25.1)
    mini_portile (0.5.2)
    minitest (4.7.5)
    mono_logger (1.1.0)
    multi_json (1.8.4)
    nokogiri (1.6.1)
      mini_portile (~> 0.5.0)
    nom-xml (0.5.1)
      activesupport
      i18n
      nokogiri
    om (3.0.4)
      activemodel
      activesupport
      deprecation
      mediashelf-loggable
      nokogiri (>= 1.4.2)
      solrizer (~> 3.1.0)
    orm_adapter (0.5.0)
    polyglot (0.3.4)
    qa (0.0.3)
      activerecord-import (>= 0.4.0)
      curb
      deprecation
      nokogiri (~> 1.6.0)
      rails (~> 4.0.0)
      rest-client
    rack (1.5.2)
    rack-protection (1.5.2)
      rack
    rack-test (0.6.2)
      rack (>= 1.0)
    rails (4.0.1)
      actionmailer (= 4.0.1)
      actionpack (= 4.0.1)
      activerecord (= 4.0.1)
      activesupport (= 4.0.1)
      bundler (>= 1.3.0, < 2.0)
      railties (= 4.0.1)
      sprockets-rails (~> 2.0.0)
    railties (4.0.1)
      actionpack (= 4.0.1)
      activesupport (= 4.0.1)
      rake (>= 0.8.7)
      thor (>= 0.18.1, < 2.0)
    raindrops (0.13.0)
    rake (10.1.1)
    rdf (1.1.1.1)
    rdf-rdfxml (1.0.1)
      rdf (>= 1.0)
      rdf-xsd (>= 1.0)
    rdf-xsd (1.1.0)
      rdf (>= 1.1)
    redis (3.0.7)
    redis-namespace (1.4.1)
      redis (~> 3.0.4)
    ref (1.0.5)
    resque (1.25.1)
      mono_logger (~> 1.0)
      multi_json (~> 1.0)
      redis-namespace (~> 1.2)
      sinatra (>= 0.9.2)
      vegas (~> 0.1.2)
    rest-client (1.6.7)
      mime-types (>= 1.16)
    rmagick (2.13.2)
    rsolr (1.0.9)
      builder (>= 2.1.2)
    rspec-core (2.14.7)
    rspec-expectations (2.14.5)
      diff-lcs (>= 1.1.3, < 2.0)
    rspec-mocks (2.14.6)
    rspec-rails (2.14.1)
      actionpack (>= 3.0)
      activemodel (>= 3.0)
      activesupport (>= 3.0)
      railties (>= 3.0)
      rspec-core (~> 2.14.0)
      rspec-expectations (~> 2.14.0)
      rspec-mocks (~> 2.14.0)
    rubydora (1.7.4)
      activemodel
      activesupport
      deprecation
      equivalent-xml
      fastercsv
      hooks (~> 0.3.0)
      mime-types
      nokogiri
      rest-client
    sanitize (2.0.6)
      nokogiri (>= 1.4.4)
    sass (3.2.14)
    sass-rails (4.0.1)
      railties (>= 4.0.0, < 5.0)
      sass (>= 3.1.10)
      sprockets-rails (~> 2.0.0)
    settingslogic (2.0.9)
    sinatra (1.4.4)
      rack (~> 1.4)
      rack-protection (~> 1.4)
      tilt (~> 1.3, >= 1.3.4)
    solrizer (3.1.1)
      activesupport
      daemons
      mediashelf-loggable (~> 0.4.7)
      nokogiri
      stomp
      xml-simple
    sprockets (2.11.0)
      hike (~> 1.2)
      multi_json (~> 1.0)
      rack (~> 1.0)
      tilt (~> 1.1, != 1.3.0)
    sprockets-rails (2.0.1)
      actionpack (>= 3.0)
      activesupport (>= 3.0)
      sprockets (~> 2.8)
    sqlite3 (1.3.9)
    stomp (1.3.2)
    therubyracer (0.12.1)
      libv8 (~> 3.16.14.0)
      ref
    thor (0.18.1)
    thread_safe (0.2.0)
      atomic (>= 1.1.7, < 2)
    tilt (1.4.1)
    titleize (1.3.0)
    treetop (1.4.15)
      polyglot
      polyglot (>= 0.3.1)
    tzinfo (0.3.38)
    uglifier (2.4.0)
      execjs (>= 0.3.0)
      json (>= 1.8.0)
    unf (0.1.3)
      unf_ext
    unf_ext (0.0.6)
    unicorn (4.8.2)
      kgio (~> 2.6)
      rack
      raindrops (~> 0.7)
    vegas (0.1.11)
      rack (>= 1.0.0)
    warden (1.2.3)
      rack (>= 1.0)
    xml-simple (1.1.3)
    xpath (2.0.0)
      nokogiri (~> 1.3)

PLATFORMS
  ruby

DEPENDENCIES
  bootstrap-sass
  bootstrap_forms
  capybara
  chronic
  coffee-rails (~> 4.0.0)
  devise
  disable_assets_logger
  factory_girl_rails
  hydra (= 6.2.0.rc1)
  hydra-editor (= 0.1.0)
  hydra-role-management (= 0.1.0)
  jettywrapper
  jquery-fileupload-rails
  jquery-rails
  launchy
  qa (= 0.0.3)
  rails (= 4.0.1)
  resque
  rmagick (= 2.13.2)
  rspec-rails
  sanitize (= 2.0.6)
  sass-rails (~> 4.0.0)
  settingslogic
  sqlite3
  therubyracer
  titleize
  uglifier (>= 1.3.0)
  unicorn
